PATH
  remote: .
  specs:
    bones (3.8.0)
      little-plugger (~> 1.1)
      loquacious (~> 1.9)
      rake (>= 0.8.7)
      rdoc (~> 3.0)

GEM
  remote: https://rubygems.org/
  specs:
    diff-lcs (1.2.4)
    json (1.8.0)
    little-plugger (1.1.3)
    loquacious (1.9.1)
    rake (10.1.0)
    rdoc (3.12.2)
      json (~> 1.4)
    rspec (2.14.1)
      rspec-core (~> 2.14.0)
      rspec-expectations (~> 2.14.0)
      rspec-mocks (~> 2.14.0)
    rspec-core (2.14.4)
    rspec-expectations (2.14.0)
      diff-lcs (>= 1.1.3, < 2.0)
    rspec-mocks (2.14.1)

PLATFORMS
  ruby

DEPENDENCIES
  bones!
  rspec (~> 2.6)
