GEM
  remote: https://rubygems.org/
  specs:
    diff-lcs (1.2.4)
    little-plugger (1.1.3)
    loquacious (1.9.1)
    rake (10.1.0)
    rspec (2.14.1)
      rspec-core (~> 2.14.0)
      rspec-expectations (~> 2.14.0)
      rspec-mocks (~> 2.14.0)
    rspec-core (2.14.4)
    rspec-expectations (2.14.0)
      diff-lcs (>= 1.1.3, < 2.0)
    rspec-mocks (2.14.1)

PLATFORMS
  ruby

DEPENDENCIES
  little-plugger
  loquacious
  rake
  rspec
